RESTRICTION: || (== net45) (== netstandard1.6) (== netcore1.0)
NUGET
  remote: https://www.nuget.org/api/v2
    FAKE (4.61.3)
    FSharp.Compiler.Service (2.0.0.6)
    FSharp.Compiler.Tools (4.1.17)
    FSharp.Core (4.2.1)
      System.Collections (>= 4.0.11) - restriction: || (&& (== net45) (>= netstandard1.6)) (== netstandard1.6) (== netcore1.0)
      System.Console (>= 4.0) - restriction: || (&& (== net45) (>= netstandard1.6)) (== netstandard1.6) (== netcore1.0)
      System.Diagnostics.Debug (>= 4.0.11) - restriction: || (&& (== net45) (>= netstandard1.6)) (== netstandard1.6) (== netcore1.0)
      System.Diagnostics.Tools (>= 4.0.1) - restriction: || (&& (== net45) (>= netstandard1.6)) (== netstandard1.6) (== netcore1.0)
      System.Globalization (>= 4.0.11) - restriction: || (&& (== net45) (>= netstandard1.6)) (== netstandard1.6) (== netcore1.0)
      System.IO (>= 4.1) - restriction: || (&& (== net45) (>= netstandard1.6)) (== netstandard1.6) (== netcore1.0)
      System.Linq (>= 4.1) - restriction: || (&& (== net45) (>= netstandard1.6)) (== netstandard1.6) (== netcore1.0)
      System.Linq.Expressions (>= 4.1) - restriction: || (&& (== net45) (>= netstandard1.6)) (== netstandard1.6) (== netcore1.0)
      System.Linq.Queryable (>= 4.0.1) - restriction: || (&& (== net45) (>= netstandard1.6)) (== netstandard1.6) (== netcore1.0)
      System.Net.Requests (>= 4.0.11) - restriction: || (&& (== net45) (>= netstandard1.6)) (== netstandard1.6) (== netcore1.0)
      System.Reflection (>= 4.1) - restriction: || (&& (== net45) (>= netstandard1.6)) (== netstandard1.6) (== netcore1.0)
      System.Reflection.Extensions (>= 4.0.1) - restriction: || (&& (== net45) (>= netstandard1.6)) (== netstandard1.6) (== netcore1.0)
      System.Resources.ResourceManager (>= 4.0.1) - restriction: || (&& (== net45) (>= netstandard1.6)) (== netstandard1.6) (== netcore1.0)
      System.Runtime (>= 4.1) - restriction: || (&& (== net45) (>= netstandard1.6)) (== netstandard1.6) (== netcore1.0)
      System.Runtime.Extensions (>= 4.1) - restriction: || (&& (== net45) (>= netstandard1.6)) (== netstandard1.6) (== netcore1.0)
      System.Runtime.Numerics (>= 4.0.1) - restriction: || (&& (== net45) (>= netstandard1.6)) (== netstandard1.6) (== netcore1.0)
      System.Text.RegularExpressions (>= 4.1) - restriction: || (&& (== net45) (>= netstandard1.6)) (== netstandard1.6) (== netcore1.0)
      System.Threading (>= 4.0.11) - restriction: || (&& (== net45) (>= netstandard1.6)) (== netstandard1.6) (== netcore1.0)
      System.Threading.Tasks (>= 4.0.11) - restriction: || (&& (== net45) (>= netstandard1.6)) (== netstandard1.6) (== netcore1.0)
      System.Threading.Tasks.Parallel (>= 4.0.1) - restriction: || (&& (== net45) (>= netstandard1.6)) (== netstandard1.6) (== netcore1.0)
      System.Threading.Thread (>= 4.0) - restriction: || (&& (== net45) (>= netstandard1.6)) (== netstandard1.6) (== netcore1.0)
      System.Threading.ThreadPool (>= 4.0.10) - restriction: || (&& (== net45) (>= netstandard1.6)) (== netstandard1.6) (== netcore1.0)
      System.Threading.Timer (>= 4.0.1) - restriction: || (&& (== net45) (>= netstandard1.6)) (== netstandard1.6) (== netcore1.0)
    FSharp.Formatting (2.14.4)
      FSharp.Compiler.Service (2.0.0.6)
      FSharpVSPowerTools.Core (>= 2.3 < 2.4)
    FSharpVSPowerTools.Core (2.3)
      FSharp.Compiler.Service (>= 2.0.0.3)
    FsLexYacc (7.0.6)
      FsLexYacc.Runtime (>= 7.0.6 < 7.1)
    FsLexYacc.Runtime (7.0.6)
      FSharp.Core (>= 3.1.2.5)
    Microsoft.DiaSymReader (1.1)
      System.Diagnostics.Debug (>= 4.0.11)
      System.Runtime (>= 4.1)
      System.Runtime.InteropServices (>= 4.1)
    Microsoft.DiaSymReader.PortablePdb (1.2)
      Microsoft.DiaSymReader (>= 1.1)
      System.Collections (>= 4.3)
      System.Collections.Immutable (>= 1.3.1)
      System.Diagnostics.Debug (>= 4.3)
      System.Globalization (>= 4.3)
      System.IO (>= 4.3)
      System.Linq (>= 4.3)
      System.Reflection (>= 4.3)
      System.Reflection.Metadata (>= 1.4.2)
      System.Reflection.Primitives (>= 4.3)
      System.Runtime (>= 4.3)
      System.Runtime.Extensions (>= 4.3)
      System.Runtime.InteropServices (>= 4.3)
      System.Text.Encoding (>= 4.3)
      System.Threading (>= 4.3)
    Microsoft.NETCore.Platforms (1.1) - restriction: || (&& (== net45) (>= dnxcore50)) (&& (== net45) (>= netstandard1.6)) (&& (== net45) (>= netcore1.1)) (== netstandard1.6) (== netcore1.0)
    Microsoft.NETCore.Targets (1.1) - restriction: || (&& (== net45) (>= dnxcore50)) (&& (== net45) (>= netstandard1.6)) (&& (== net45) (>= netcore1.1)) (== netstandard1.6) (== netcore1.0)
    NUnit (2.6.3)
    NUnit.Runners (2.6.3)
    Octokit (0.24)
    runtime.debian.8-x64.runtime.native.System.Security.Cryptography.OpenSsl (4.3.1) - restriction: || (&& (== net45) (== netstandard1.6)) (&& (== net45) (== netcore1.0)) (&& (== net45) (>= netstandard1.6)) (== netstandard1.6) (&& (== netstandard1.6) (== netcore1.0)) (== netcore1.0)
    runtime.fedora.23-x64.runtime.native.System.Security.Cryptography.OpenSsl (4.3.1) - restriction: || (&& (== net45) (== netstandard1.6)) (&& (== net45) (== netcore1.0)) (&& (== net45) (>= netstandard1.6)) (== netstandard1.6) (&& (== netstandard1.6) (== netcore1.0)) (== netcore1.0)
    runtime.fedora.24-x64.runtime.native.System.Security.Cryptography.OpenSsl (4.3.1) - restriction: || (&& (== net45) (== netstandard1.6)) (&& (== net45) (== netcore1.0)) (&& (== net45) (>= netstandard1.6)) (== netstandard1.6) (&& (== netstandard1.6) (== netcore1.0)) (== netcore1.0)
    runtime.native.System (4.3) - restriction: || (&& (== net45) (== netstandard1.6)) (&& (== net45) (== netcore1.0)) (== netstandard1.6) (&& (== netstandard1.6) (== netcore1.0)) (== netcore1.0)
      Microsoft.NETCore.Platforms (>= 1.1)
      Microsoft.NETCore.Targets (>= 1.1)
    runtime.native.System.IO.Compression (4.3) - restriction: || (&& (== net45) (== netstandard1.6)) (&& (== net45) (== netcore1.0)) (== netstandard1.6) (&& (== netstandard1.6) (== netcore1.0)) (== netcore1.0)
      Microsoft.NETCore.Platforms (>= 1.1)
      Microsoft.NETCore.Targets (>= 1.1)
    runtime.native.System.Net.Http (4.3) - restriction: || (&& (== net45) (== netstandard1.6)) (&& (== net45) (== netcore1.0)) (&& (== net45) (>= netstandard1.6)) (== netstandard1.6) (&& (== netstandard1.6) (== netcore1.0)) (== netcore1.0)
      Microsoft.NETCore.Platforms (>= 1.1)
      Microsoft.NETCore.Targets (>= 1.1)
    runtime.native.System.Security.Cryptography.Apple (4.3) - restriction: || (&& (== net45) (== netstandard1.6)) (&& (== net45) (== netcore1.0)) (&& (== net45) (>= netstandard1.6)) (== netstandard1.6) (&& (== netstandard1.6) (== netcore1.0)) (== netcore1.0)
      runtime.osx.10.10-x64.runtime.native.System.Security.Cryptography.Apple (>= 4.3)
    runtime.native.System.Security.Cryptography.OpenSsl (4.3.1) - restriction: || (&& (== net45) (== netstandard1.6)) (&& (== net45) (== netcore1.0)) (&& (== net45) (>= netstandard1.6)) (== netstandard1.6) (&& (== netstandard1.6) (== netcore1.0)) (== netcore1.0)
      runtime.debian.8-x64.runtime.native.System.Security.Cryptography.OpenSsl (>= 4.3.1)
      runtime.fedora.23-x64.runtime.native.System.Security.Cryptography.OpenSsl (>= 4.3.1)
      runtime.fedora.24-x64.runtime.native.System.Security.Cryptography.OpenSsl (>= 4.3.1)
      runtime.opensuse.13.2-x64.runtime.native.System.Security.Cryptography.OpenSsl (>= 4.3.1)
      runtime.opensuse.42.1-x64.runtime.native.System.Security.Cryptography.OpenSsl (>= 4.3.1)
      runtime.osx.10.10-x64.runtime.native.System.Security.Cryptography.OpenSsl (>= 4.3.1)
      runtime.rhel.7-x64.runtime.native.System.Security.Cryptography.OpenSsl (>= 4.3.1)
      runtime.ubuntu.14.04-x64.runtime.native.System.Security.Cryptography.OpenSsl (>= 4.3.1)
      runtime.ubuntu.16.04-x64.runtime.native.System.Security.Cryptography.OpenSsl (>= 4.3.1)
      runtime.ubuntu.16.10-x64.runtime.native.System.Security.Cryptography.OpenSsl (>= 4.3.1)
    runtime.opensuse.13.2-x64.runtime.native.System.Security.Cryptography.OpenSsl (4.3.1) - restriction: || (&& (== net45) (== netstandard1.6)) (&& (== net45) (== netcore1.0)) (&& (== net45) (>= netstandard1.6)) (== netstandard1.6) (&& (== netstandard1.6) (== netcore1.0)) (== netcore1.0)
    runtime.opensuse.42.1-x64.runtime.native.System.Security.Cryptography.OpenSsl (4.3.1) - restriction: || (&& (== net45) (== netstandard1.6)) (&& (== net45) (== netcore1.0)) (&& (== net45) (>= netstandard1.6)) (== netstandard1.6) (&& (== netstandard1.6) (== netcore1.0)) (== netcore1.0)
    runtime.osx.10.10-x64.runtime.native.System.Security.Cryptography.Apple (4.3) - restriction: || (&& (== net45) (== netstandard1.6)) (&& (== net45) (== netcore1.0)) (&& (== net45) (>= netstandard1.6)) (== netstandard1.6) (&& (== netstandard1.6) (== netcore1.0)) (== netcore1.0)
    runtime.osx.10.10-x64.runtime.native.System.Security.Cryptography.OpenSsl (4.3.1) - restriction: || (&& (== net45) (== netstandard1.6)) (&& (== net45) (== netcore1.0)) (&& (== net45) (>= netstandard1.6)) (== netstandard1.6) (&& (== netstandard1.6) (== netcore1.0)) (== netcore1.0)
    runtime.rhel.7-x64.runtime.native.System.Security.Cryptography.OpenSsl (4.3.1) - restriction: || (&& (== net45) (== netstandard1.6)) (&& (== net45) (== netcore1.0)) (&& (== net45) (>= netstandard1.6)) (== netstandard1.6) (&& (== netstandard1.6) (== netcore1.0)) (== netcore1.0)
    runtime.ubuntu.14.04-x64.runtime.native.System.Security.Cryptography.OpenSsl (4.3.1) - restriction: || (&& (== net45) (== netstandard1.6)) (&& (== net45) (== netcore1.0)) (&& (== net45) (>= netstandard1.6)) (== netstandard1.6) (&& (== netstandard1.6) (== netcore1.0)) (== netcore1.0)
    runtime.ubuntu.16.04-x64.runtime.native.System.Security.Cryptography.OpenSsl (4.3.1) - restriction: || (&& (== net45) (== netstandard1.6)) (&& (== net45) (== netcore1.0)) (&& (== net45) (>= netstandard1.6)) (== netstandard1.6) (&& (== netstandard1.6) (== netcore1.0)) (== netcore1.0)
    runtime.ubuntu.16.10-x64.runtime.native.System.Security.Cryptography.OpenSsl (4.3.1) - restriction: || (&& (== net45) (== netstandard1.6)) (&& (== net45) (== netcore1.0)) (&& (== net45) (>= netstandard1.6)) (== netstandard1.6) (&& (== netstandard1.6) (== netcore1.0)) (== netcore1.0)
    SQLite.Net-PCL (3.0.5)
    SQLite.Net.Platform.Generic (2.4.1)
      SQLite.Net-PCL
    System.Buffers (4.3) - restriction: || (&& (== net45) (== netstandard1.6)) (&& (== net45) (== netcore1.0)) (== netstandard1.6) (&& (== netstandard1.6) (== netcore1.0)) (== netcore1.0)
      System.Diagnostics.Debug (>= 4.3) - restriction: || (== netstandard1.6) (== netcore1.0)
      System.Diagnostics.Tracing (>= 4.3) - restriction: || (== netstandard1.6) (== netcore1.0)
      System.Resources.ResourceManager (>= 4.3) - restriction: || (== netstandard1.6) (== netcore1.0)
      System.Runtime (>= 4.3) - restriction: || (== netstandard1.6) (== netcore1.0)
      System.Threading (>= 4.3) - restriction: || (== netstandard1.6) (== netcore1.0)
    System.Collections (4.3)
      Microsoft.NETCore.Platforms (>= 1.1) - restriction: || (&& (== net45) (>= dnxcore50)) (== netstandard1.6) (== netcore1.0)
      Microsoft.NETCore.Targets (>= 1.1) - restriction: || (&& (== net45) (>= dnxcore50)) (== netstandard1.6) (== netcore1.0)
      System.Runtime (>= 4.3) - restriction: || (&& (== net45) (>= dnxcore50)) (== netstandard1.6) (== netcore1.0)
    System.Collections.Concurrent (4.3) - restriction: || (&& (== net45) (== netstandard1.6)) (&& (== net45) (== netcore1.0)) (&& (== net45) (>= netstandard1.6)) (== netstandard1.6) (&& (== netstandard1.6) (== netcore1.0)) (== netcore1.0)
      System.Collections (>= 4.3) - restriction: || (&& (== net45) (>= dnxcore50)) (== netstandard1.6) (== netcore1.0)
      System.Diagnostics.Debug (>= 4.3) - restriction: || (&& (== net45) (>= dnxcore50)) (== netstandard1.6) (== netcore1.0)
      System.Diagnostics.Tracing (>= 4.3) - restriction: || (&& (== net45) (>= dnxcore50)) (== netstandard1.6) (== netcore1.0)
      System.Globalization (>= 4.3) - restriction: || (&& (== net45) (>= dnxcore50)) (== netstandard1.6) (== netcore1.0)
      System.Reflection (>= 4.3) - restriction: || (== netstandard1.6) (== netcore1.0)
      System.Resources.ResourceManager (>= 4.3) - restriction: || (&& (== net45) (>= dnxcore50)) (== netstandard1.6) (== netcore1.0)
      System.Runtime (>= 4.3) - restriction: || (&& (== net45) (>= dnxcore50)) (== netstandard1.6) (== netcore1.0)
      System.Runtime.Extensions (>= 4.3) - restriction: || (&& (== net45) (>= dnxcore50)) (== netstandard1.6) (== netcore1.0)
      System.Threading (>= 4.3) - restriction: || (&& (== net45) (>= dnxcore50)) (== netstandard1.6) (== netcore1.0)
      System.Threading.Tasks (>= 4.3) - restriction: || (&& (== net45) (>= dnxcore50)) (== netstandard1.6) (== netcore1.0)
    System.Collections.Immutable (1.3.1)
      System.Collections (>= 4.3) - restriction: || (== netstandard1.6) (== netcore1.0)
      System.Diagnostics.Debug (>= 4.3) - restriction: || (== netstandard1.6) (== netcore1.0)
      System.Globalization (>= 4.3) - restriction: || (== netstandard1.6) (== netcore1.0)
      System.Linq (>= 4.3) - restriction: || (== netstandard1.6) (== netcore1.0)
      System.Resources.ResourceManager (>= 4.3) - restriction: || (== netstandard1.6) (== netcore1.0)
      System.Runtime (>= 4.3) - restriction: || (== netstandard1.6) (== netcore1.0)
      System.Runtime.Extensions (>= 4.3) - restriction: || (== netstandard1.6) (== netcore1.0)
      System.Threading (>= 4.3) - restriction: || (== netstandard1.6) (== netcore1.0)
    System.Console (4.3) - restriction: || (&& (== net45) (== netstandard1.6)) (&& (== net45) (== netcore1.0)) (&& (== net45) (>= netstandard1.6)) (== netstandard1.6) (&& (== netstandard1.6) (== netcore1.0)) (== netcore1.0)
      Microsoft.NETCore.Platforms (>= 1.1) - restriction: || (&& (== net45) (>= netstandard1.3)) (== netstandard1.6) (== netcore1.0)
      Microsoft.NETCore.Targets (>= 1.1) - restriction: || (&& (== net45) (>= netstandard1.3)) (== netstandard1.6) (== netcore1.0)
      System.IO (>= 4.3) - restriction: || (&& (== net45) (>= netstandard1.3)) (== netstandard1.6) (== netcore1.0)
      System.Runtime (>= 4.3) - restriction: || (&& (== net45) (>= netstandard1.3)) (== netstandard1.6) (== netcore1.0)
      System.Text.Encoding (>= 4.3) - restriction: || (&& (== net45) (>= netstandard1.3)) (== netstandard1.6) (== netcore1.0)
    System.Diagnostics.Debug (4.3)
      Microsoft.NETCore.Platforms (>= 1.1) - restriction: || (&& (== net45) (>= dnxcore50)) (== netstandard1.6) (== netcore1.0)
      Microsoft.NETCore.Targets (>= 1.1) - restriction: || (&& (== net45) (>= dnxcore50)) (== netstandard1.6) (== netcore1.0)
      System.Runtime (>= 4.3) - restriction: || (&& (== net45) (>= dnxcore50)) (== netstandard1.6) (== netcore1.0)
    System.Diagnostics.DiagnosticSource (4.4) - restriction: || (&& (== net45) (== netstandard1.6)) (&& (== net45) (== netcore1.0)) (&& (== net45) (>= netstandard1.6)) (== netstandard1.6) (&& (== netstandard1.6) (== netcore1.0)) (== netcore1.0)
      System.Collections (>= 4.3) - restriction: || (== netstandard1.6) (== netcore1.0)
      System.Diagnostics.Debug (>= 4.3) - restriction: || (== netstandard1.6) (== netcore1.0)
      System.Diagnostics.Tracing (>= 4.3) - restriction: || (== netstandard1.6) (== netcore1.0)
      System.Reflection (>= 4.3) - restriction: || (== netstandard1.6) (== netcore1.0)
      System.Runtime (>= 4.3) - restriction: || (== netstandard1.6) (== netcore1.0)
      System.Runtime.Extensions (>= 4.3) - restriction: || (== netstandard1.6) (== netcore1.0)
      System.Threading (>= 4.3) - restriction: || (== netstandard1.6) (== netcore1.0)
    System.Diagnostics.Tools (4.3) - restriction: || (&& (== net45) (== netstandard1.6)) (&& (== net45) (== netcore1.0)) (&& (== net45) (>= netstandard1.6)) (== netstandard1.6) (&& (== netstandard1.6) (== netcore1.0)) (== netcore1.0)
      Microsoft.NETCore.Platforms (>= 1.1) - restriction: || (&& (== net45) (>= dnxcore50)) (== netstandard1.6) (== netcore1.0)
      Microsoft.NETCore.Targets (>= 1.1) - restriction: || (&& (== net45) (>= dnxcore50)) (== netstandard1.6) (== netcore1.0)
      System.Runtime (>= 4.3) - restriction: || (&& (== net45) (>= dnxcore50)) (== netstandard1.6) (== netcore1.0)
    System.Diagnostics.Tracing (4.3) - restriction: || (&& (== net45) (>= netstandard1.6)) (== netstandard1.6) (== netcore1.0)
      Microsoft.NETCore.Platforms (>= 1.1) - restriction: || (&& (== net45) (>= dnxcore50)) (== netstandard1.6) (== netcore1.0)
      Microsoft.NETCore.Targets (>= 1.1) - restriction: || (&& (== net45) (>= dnxcore50)) (== netstandard1.6) (== netcore1.0)
      System.Runtime (>= 4.3) - restriction: || (&& (== net45) (>= dnxcore50)) (== netstandard1.6) (== netcore1.0)
    System.Globalization (4.3)
      Microsoft.NETCore.Platforms (>= 1.1) - restriction: || (&& (== net45) (>= dnxcore50)) (== netstandard1.6) (== netcore1.0)
      Microsoft.NETCore.Targets (>= 1.1) - restriction: || (&& (== net45) (>= dnxcore50)) (== netstandard1.6) (== netcore1.0)
      System.Runtime (>= 4.3) - restriction: || (&& (== net45) (>= dnxcore50)) (== netstandard1.6) (== netcore1.0)
    System.Globalization.Calendars (4.3) - restriction: || (&& (== net45) (== netstandard1.6)) (&& (== net45) (== netcore1.0)) (&& (== net45) (>= netstandard1.6)) (== netstandard1.6) (&& (== netstandard1.6) (== netcore1.0)) (== netcore1.0)
      Microsoft.NETCore.Platforms (>= 1.1) - restriction: || (&& (== net45) (>= netstandard1.3)) (== netstandard1.6) (== netcore1.0)
      Microsoft.NETCore.Targets (>= 1.1) - restriction: || (&& (== net45) (>= netstandard1.3)) (== netstandard1.6) (== netcore1.0)
      System.Globalization (>= 4.3) - restriction: || (&& (== net45) (>= netstandard1.3)) (== netstandard1.6) (== netcore1.0)
      System.Runtime (>= 4.3) - restriction: || (&& (== net45) (>= netstandard1.3)) (== netstandard1.6) (== netcore1.0)
    System.Globalization.Extensions (4.3) - restriction: || (&& (== net45) (== netstandard1.6)) (&& (== net45) (== netcore1.0)) (&& (== net45) (>= netstandard1.6)) (== netstandard1.6) (&& (== netstandard1.6) (== netcore1.0)) (== netcore1.0)
      Microsoft.NETCore.Platforms (>= 1.1) - restriction: || (&& (== net45) (>= netstandard1.3)) (== netstandard1.6) (== netcore1.0)
      System.Globalization (>= 4.3) - restriction: || (&& (== net45) (>= netstandard1.3)) (== netstandard1.6) (== netcore1.0)
      System.Resources.ResourceManager (>= 4.3) - restriction: || (&& (== net45) (>= netstandard1.3)) (== netstandard1.6) (== netcore1.0)
      System.Runtime (>= 4.3) - restriction: || (&& (== net45) (>= netstandard1.3)) (== netstandard1.6) (== netcore1.0)
      System.Runtime.Extensions (>= 4.3) - restriction: || (&& (== net45) (>= netstandard1.3)) (== netstandard1.6) (== netcore1.0)
      System.Runtime.InteropServices (>= 4.3) - restriction: || (&& (== net45) (>= netstandard1.3)) (== netstandard1.6) (== netcore1.0)
    System.IO (4.3)
      Microsoft.NETCore.Platforms (>= 1.1) - restriction: || (&& (== net45) (>= dnxcore50)) (== netstandard1.6) (== netcore1.0)
      Microsoft.NETCore.Targets (>= 1.1) - restriction: || (&& (== net45) (>= dnxcore50)) (== netstandard1.6) (== netcore1.0)
      System.Runtime (>= 4.3) - restriction: || (&& (== net45) (>= dnxcore50)) (== netstandard1.6) (== netcore1.0)
      System.Text.Encoding (>= 4.3) - restriction: || (&& (== net45) (>= dnxcore50)) (== netstandard1.6) (== netcore1.0)
      System.Threading.Tasks (>= 4.3) - restriction: || (&& (== net45) (>= dnxcore50)) (== netstandard1.6) (== netcore1.0)
    System.IO.Compression (4.3) - restriction: || (&& (== net45) (== netstandard1.6)) (&& (== net45) (== netcore1.0)) (== netstandard1.6) (&& (== netstandard1.6) (== netcore1.0)) (== netcore1.0)
      Microsoft.NETCore.Platforms (>= 1.1) - restriction: || (== netstandard1.6) (== netcore1.0)
      runtime.native.System (>= 4.3) - restriction: || (== netstandard1.6) (== netcore1.0)
      runtime.native.System.IO.Compression (>= 4.3) - restriction: || (&& (== net45) (>= dnxcore50)) (== netstandard1.6) (== netcore1.0)
      System.Buffers (>= 4.3) - restriction: || (&& (== net45) (>= dnxcore50)) (== netstandard1.6) (== netcore1.0)
      System.Collections (>= 4.3) - restriction: || (&& (== net45) (>= dnxcore50)) (== netstandard1.6) (== netcore1.0)
      System.Diagnostics.Debug (>= 4.3) - restriction: || (&& (== net45) (>= dnxcore50)) (== netstandard1.6) (== netcore1.0)
      System.IO (>= 4.3) - restriction: || (&& (== net45) (>= dnxcore50)) (== netstandard1.6) (== netcore1.0)
      System.Resources.ResourceManager (>= 4.3) - restriction: || (&& (== net45) (>= dnxcore50)) (== netstandard1.6) (== netcore1.0)
      System.Runtime (>= 4.3) - restriction: || (&& (== net45) (>= dnxcore50)) (== netstandard1.6) (== netcore1.0)
      System.Runtime.Extensions (>= 4.3) - restriction: || (&& (== net45) (>= dnxcore50)) (== netstandard1.6) (== netcore1.0)
      System.Runtime.Handles (>= 4.3) - restriction: || (&& (== net45) (>= dnxcore50)) (== netstandard1.6) (== netcore1.0)
      System.Runtime.InteropServices (>= 4.3) - restriction: || (&& (== net45) (>= dnxcore50)) (== netstandard1.6) (== netcore1.0)
      System.Text.Encoding (>= 4.3) - restriction: || (&& (== net45) (>= dnxcore50)) (== netstandard1.6) (== netcore1.0)
      System.Threading (>= 4.3) - restriction: || (&& (== net45) (>= dnxcore50)) (== netstandard1.6) (== netcore1.0)
      System.Threading.Tasks (>= 4.3) - restriction: || (&& (== net45) (>= dnxcore50)) (== netstandard1.6) (== netcore1.0)
    System.IO.FileSystem (4.3) - restriction: || (&& (== net45) (== netstandard1.6)) (&& (== net45) (== netcore1.0)) (&& (== net45) (>= netstandard1.6)) (== netstandard1.6) (&& (== netstandard1.6) (== netcore1.0)) (== netcore1.0)
      Microsoft.NETCore.Platforms (>= 1.1) - restriction: || (&& (== net45) (>= netstandard1.3)) (== netstandard1.6) (== netcore1.0)
      Microsoft.NETCore.Targets (>= 1.1) - restriction: || (&& (== net45) (>= netstandard1.3)) (== netstandard1.6) (== netcore1.0)
      System.IO (>= 4.3) - restriction: || (&& (== net45) (>= netstandard1.3)) (== netstandard1.6) (== netcore1.0)
      System.IO.FileSystem.Primitives (>= 4.3) - restriction: || (&& (== net45) (>= net46)) (&& (== net45) (>= netstandard1.3)) (== netstandard1.6) (== netcore1.0)
      System.Runtime (>= 4.3) - restriction: || (&& (== net45) (>= netstandard1.3)) (== netstandard1.6) (== netcore1.0)
      System.Runtime.Handles (>= 4.3) - restriction: || (&& (== net45) (>= netstandard1.3)) (== netstandard1.6) (== netcore1.0)
      System.Text.Encoding (>= 4.3) - restriction: || (&& (== net45) (>= netstandard1.3)) (== netstandard1.6) (== netcore1.0)
      System.Threading.Tasks (>= 4.3) - restriction: || (&& (== net45) (>= netstandard1.3)) (== netstandard1.6) (== netcore1.0)
    System.IO.FileSystem.Primitives (4.3) - restriction: || (&& (== net45) (>= netstandard1.6)) (== netstandard1.6) (== netcore1.0)
      System.Runtime (>= 4.3) - restriction: || (&& (== net45) (>= netstandard1.3)) (== netstandard1.6) (== netcore1.0)
    System.Linq (4.3)
      System.Collections (>= 4.3) - restriction: || (&& (== net45) (>= dnxcore50)) (&& (== net45) (>= netstandard1.6)) (== netstandard1.6) (== netcore1.0)
      System.Diagnostics.Debug (>= 4.3) - restriction: || (&& (== net45) (>= dnxcore50)) (&& (== net45) (>= netstandard1.6)) (== netstandard1.6) (== netcore1.0)
      System.Resources.ResourceManager (>= 4.3) - restriction: || (&& (== net45) (>= dnxcore50)) (&& (== net45) (>= netstandard1.6)) (== netstandard1.6) (== netcore1.0)
      System.Runtime (>= 4.3) - restriction: || (&& (== net45) (>= dnxcore50)) (&& (== net45) (>= netstandard1.6)) (== netstandard1.6) (== netcore1.0)
      System.Runtime.Extensions (>= 4.3) - restriction: || (&& (== net45) (>= dnxcore50)) (&& (== net45) (>= netstandard1.6)) (== netstandard1.6) (== netcore1.0)
    System.Linq.Expressions (4.3) - restriction: || (&& (== net45) (>= netstandard1.6)) (== netstandard1.6) (== netcore1.0)
      System.Collections (>= 4.3) - restriction: || (&& (== net45) (>= dnxcore50)) (&& (== net45) (>= netstandard1.6)) (== netstandard1.6) (== netcore1.0)
      System.Diagnostics.Debug (>= 4.3) - restriction: || (&& (== net45) (>= dnxcore50)) (&& (== net45) (>= netstandard1.6)) (== netstandard1.6) (== netcore1.0)
      System.Globalization (>= 4.3) - restriction: || (&& (== net45) (>= dnxcore50)) (&& (== net45) (>= netstandard1.6)) (== netstandard1.6) (== netcore1.0)
      System.IO (>= 4.3) - restriction: || (&& (== net45) (>= dnxcore50)) (&& (== net45) (>= netstandard1.6)) (== netstandard1.6) (== netcore1.0)
      System.Linq (>= 4.3) - restriction: || (&& (== net45) (>= dnxcore50)) (&& (== net45) (>= netstandard1.6)) (== netstandard1.6) (== netcore1.0)
      System.ObjectModel (>= 4.3) - restriction: || (&& (== net45) (>= netstandard1.6)) (== netstandard1.6) (== netcore1.0)
      System.Reflection (>= 4.3) - restriction: || (&& (== net45) (>= dnxcore50)) (&& (== net45) (>= netstandard1.6)) (== netstandard1.6) (== netcore1.0)
      System.Reflection.Emit (>= 4.3) - restriction: || (&& (== net45) (>= netstandard1.6)) (== netstandard1.6) (== netcore1.0)
      System.Reflection.Emit.ILGeneration (>= 4.3) - restriction: || (&& (== net45) (>= dnxcore50)) (&& (== net45) (>= netstandard1.6)) (== netstandard1.6) (== netcore1.0)
      System.Reflection.Emit.Lightweight (>= 4.3) - restriction: || (&& (== net45) (>= dnxcore50)) (&& (== net45) (>= netstandard1.6)) (== netstandard1.6) (== netcore1.0)
      System.Reflection.Extensions (>= 4.3) - restriction: || (&& (== net45) (>= dnxcore50)) (&& (== net45) (>= netstandard1.6)) (== netstandard1.6) (== netcore1.0)
      System.Reflection.Primitives (>= 4.3) - restriction: || (&& (== net45) (>= dnxcore50)) (&& (== net45) (>= netstandard1.6)) (== netstandard1.6) (== netcore1.0)
      System.Reflection.TypeExtensions (>= 4.3) - restriction: || (&& (== net45) (>= dnxcore50)) (&& (== net45) (>= netstandard1.6)) (== netstandard1.6) (== netcore1.0)
      System.Resources.ResourceManager (>= 4.3) - restriction: || (&& (== net45) (>= dnxcore50)) (&& (== net45) (>= netstandard1.6)) (== netstandard1.6) (== netcore1.0)
      System.Runtime (>= 4.3) - restriction: || (&& (== net45) (>= dnxcore50)) (&& (== net45) (>= netstandard1.6)) (== netstandard1.6) (== netcore1.0)
      System.Runtime.Extensions (>= 4.3) - restriction: || (&& (== net45) (>= dnxcore50)) (&& (== net45) (>= netstandard1.6)) (== netstandard1.6) (== netcore1.0)
      System.Threading (>= 4.3) - restriction: || (&& (== net45) (>= dnxcore50)) (&& (== net45) (>= netstandard1.6)) (== netstandard1.6) (== netcore1.0)
    System.Linq.Queryable (4.3) - restriction: || (&& (== net45) (== netstandard1.6)) (&& (== net45) (== netcore1.0)) (&& (== net45) (>= netstandard1.6)) (== netstandard1.6) (&& (== netstandard1.6) (== netcore1.0)) (== netcore1.0)
      System.Collections (>= 4.3) - restriction: || (&& (== net45) (>= dnxcore50)) (== netstandard1.6) (== netcore1.0)
      System.Diagnostics.Debug (>= 4.3) - restriction: || (&& (== net45) (>= dnxcore50)) (== netstandard1.6) (== netcore1.0)
      System.Linq (>= 4.3) - restriction: || (&& (== net45) (>= dnxcore50)) (== netstandard1.6) (== netcore1.0)
      System.Linq.Expressions (>= 4.3) - restriction: || (&& (== net45) (>= dnxcore50)) (== netstandard1.6) (== netcore1.0)
      System.Reflection (>= 4.3) - restriction: || (&& (== net45) (>= dnxcore50)) (== netstandard1.6) (== netcore1.0)
      System.Reflection.Extensions (>= 4.3) - restriction: || (&& (== net45) (>= dnxcore50)) (== netstandard1.6) (== netcore1.0)
      System.Resources.ResourceManager (>= 4.3) - restriction: || (&& (== net45) (>= dnxcore50)) (== netstandard1.6) (== netcore1.0)
      System.Runtime (>= 4.3) - restriction: || (&& (== net45) (>= dnxcore50)) (== netstandard1.6) (== netcore1.0)
    System.Net.Http (4.3.2) - restriction: || (&& (== net45) (== netstandard1.6)) (&& (== net45) (== netcore1.0)) (&& (== net45) (>= netstandard1.6)) (== netstandard1.6) (&& (== netstandard1.6) (== netcore1.0)) (== netcore1.0)
      Microsoft.NETCore.Platforms (>= 1.1) - restriction: || (&& (== net45) (>= dnxcore50)) (&& (== net45) (>= netstandard1.6)) (== netstandard1.6) (== netcore1.0)
      runtime.native.System (>= 4.3) - restriction: || (&& (== net45) (>= netstandard1.6)) (== netstandard1.6) (== netcore1.0)
      runtime.native.System.Net.Http (>= 4.3) - restriction: || (&& (== net45) (>= netstandard1.6)) (== netstandard1.6) (== netcore1.0)
      runtime.native.System.Security.Cryptography.OpenSsl (>= 4.3) - restriction: || (&& (== net45) (>= netstandard1.6)) (== netstandard1.6) (== netcore1.0)
      System.Collections (>= 4.3) - restriction: || (&& (== net45) (>= dnxcore50)) (&& (== net45) (>= netstandard1.6)) (== netstandard1.6) (== netcore1.0)
      System.Diagnostics.Debug (>= 4.3) - restriction: || (&& (== net45) (>= dnxcore50)) (&& (== net45) (>= netstandard1.6)) (== netstandard1.6) (== netcore1.0)
      System.Diagnostics.DiagnosticSource (>= 4.3) - restriction: || (&& (== net45) (>= dnxcore50)) (&& (== net45) (>= netstandard1.6)) (== netstandard1.6) (== netcore1.0)
      System.Diagnostics.Tracing (>= 4.3) - restriction: || (&& (== net45) (>= dnxcore50)) (&& (== net45) (>= netstandard1.6)) (== netstandard1.6) (== netcore1.0)
      System.Globalization (>= 4.3) - restriction: || (&& (== net45) (>= dnxcore50)) (&& (== net45) (>= netstandard1.6)) (== netstandard1.6) (== netcore1.0)
      System.Globalization.Extensions (>= 4.3) - restriction: || (&& (== net45) (>= netstandard1.6)) (== netstandard1.6) (== netcore1.0)
      System.IO (>= 4.3) - restriction: || (&& (== net45) (>= dnxcore50)) (&& (== net45) (>= netstandard1.6)) (== netstandard1.6) (== netcore1.0)
      System.IO.FileSystem (>= 4.3) - restriction: || (&& (== net45) (>= netstandard1.6)) (== netstandard1.6) (== netcore1.0)
      System.Net.Primitives (>= 4.3) - restriction: || (&& (== net45) (>= dnxcore50)) (&& (== net45) (>= netstandard1.6)) (== netstandard1.6) (== netcore1.0)
      System.Resources.ResourceManager (>= 4.3) - restriction: || (&& (== net45) (>= dnxcore50)) (&& (== net45) (>= netstandard1.6)) (== netstandard1.6) (== netcore1.0)
      System.Runtime (>= 4.3) - restriction: || (&& (== net45) (>= dnxcore50)) (&& (== net45) (>= netstandard1.6)) (== netstandard1.6) (== netcore1.0)
      System.Runtime.Extensions (>= 4.3) - restriction: || (&& (== net45) (>= dnxcore50)) (&& (== net45) (>= netstandard1.6)) (== netstandard1.6) (== netcore1.0)
      System.Runtime.Handles (>= 4.3) - restriction: || (&& (== net45) (>= netstandard1.6)) (== netstandard1.6) (== netcore1.0)
      System.Runtime.InteropServices (>= 4.3) - restriction: || (&& (== net45) (>= dnxcore50)) (&& (== net45) (>= netstandard1.6)) (== netstandard1.6) (== netcore1.0)
      System.Security.Cryptography.Algorithms (>= 4.3) - restriction: || (&& (== net45) (>= netstandard1.6)) (== netstandard1.6) (== netcore1.0)
      System.Security.Cryptography.Encoding (>= 4.3) - restriction: || (&& (== net45) (>= netstandard1.6)) (== netstandard1.6) (== netcore1.0)
      System.Security.Cryptography.OpenSsl (>= 4.3) - restriction: || (&& (== net45) (>= netstandard1.6)) (== netstandard1.6) (== netcore1.0)
      System.Security.Cryptography.Primitives (>= 4.3) - restriction: || (&& (== net45) (>= netstandard1.6)) (== netstandard1.6) (== netcore1.0)
      System.Security.Cryptography.X509Certificates (>= 4.3) - restriction: || (&& (== net45) (>= net46)) (&& (== net45) (>= dnxcore50)) (&& (== net45) (>= netstandard1.6)) (== netstandard1.6) (== netcore1.0)
      System.Text.Encoding (>= 4.3) - restriction: || (&& (== net45) (>= dnxcore50)) (&& (== net45) (>= netstandard1.6)) (== netstandard1.6) (== netcore1.0)
      System.Threading (>= 4.3) - restriction: || (&& (== net45) (>= dnxcore50)) (&& (== net45) (>= netstandard1.6)) (== netstandard1.6) (== netcore1.0)
      System.Threading.Tasks (>= 4.3) - restriction: || (&& (== net45) (>= dnxcore50)) (&& (== net45) (>= netstandard1.6)) (== netstandard1.6) (== netcore1.0)
    System.Net.Primitives (4.3) - restriction: || (&& (== net45) (>= netstandard1.6)) (== netstandard1.6) (== netcore1.0)
      Microsoft.NETCore.Platforms (>= 1.1) - restriction: || (&& (== net45) (>= dnxcore50)) (&& (== net45) (< netstandard1.1)) (== netstandard1.6) (== netcore1.0)
      Microsoft.NETCore.Targets (>= 1.1) - restriction: || (&& (== net45) (>= dnxcore50)) (&& (== net45) (< netstandard1.1)) (== netstandard1.6) (== netcore1.0)
      System.Runtime (>= 4.3) - restriction: || (&& (== net45) (>= dnxcore50)) (&& (== net45) (< netstandard1.1)) (== netstandard1.6) (== netcore1.0)
      System.Runtime.Handles (>= 4.3) - restriction: || (&& (== net45) (>= dnxcore50)) (== netstandard1.6) (== netcore1.0)
    System.Net.Requests (4.3) - restriction: || (&& (== net45) (== netstandard1.6)) (&& (== net45) (== netcore1.0)) (&& (== net45) (>= netstandard1.6)) (== netstandard1.6) (&& (== netstandard1.6) (== netcore1.0)) (== netcore1.0)
      Microsoft.NETCore.Platforms (>= 1.1) - restriction: || (== netstandard1.6) (== netcore1.0)
      System.Collections (>= 4.3) - restriction: || (&& (== net45) (>= dnxcore50)) (== netstandard1.6) (== netcore1.0)
      System.Diagnostics.Debug (>= 4.3) - restriction: || (&& (== net45) (>= dnxcore50)) (== netstandard1.6) (== netcore1.0)
      System.Diagnostics.Tracing (>= 4.3) - restriction: || (&& (== net45) (>= dnxcore50)) (== netstandard1.6) (== netcore1.0)
      System.Globalization (>= 4.3) - restriction: || (&& (== net45) (>= dnxcore50)) (== netstandard1.6) (== netcore1.0)
      System.IO (>= 4.3) - restriction: || (&& (== net45) (>= dnxcore50)) (&& (== net45) (< netstandard1.1)) (== netstandard1.6) (== netcore1.0)
      System.Net.Http (>= 4.3) - restriction: || (&& (== net45) (>= dnxcore50)) (== netstandard1.6) (== netcore1.0)
      System.Net.Primitives (>= 4.3) - restriction: || (&& (== net45) (>= dnxcore50)) (&& (== net45) (< netstandard1.1)) (== netstandard1.6) (== netcore1.0)
      System.Net.WebHeaderCollection (>= 4.3) - restriction: || (&& (== net45) (>= dnxcore50)) (== netstandard1.6) (== netcore1.0)
      System.Resources.ResourceManager (>= 4.3) - restriction: || (&& (== net45) (>= dnxcore50)) (== netstandard1.6) (== netcore1.0)
      System.Runtime (>= 4.3) - restriction: || (&& (== net45) (>= dnxcore50)) (&& (== net45) (< netstandard1.1)) (== netstandard1.6) (== netcore1.0)
      System.Threading (>= 4.3) - restriction: || (&& (== net45) (>= dnxcore50)) (== netstandard1.6) (== netcore1.0)
      System.Threading.Tasks (>= 4.3) - restriction: || (&& (== net45) (>= dnxcore50)) (== netstandard1.6) (== netcore1.0)
    System.Net.WebHeaderCollection (4.3) - restriction: || (&& (== net45) (== netstandard1.6)) (&& (== net45) (== netcore1.0)) (&& (== net45) (>= netstandard1.6)) (== netstandard1.6) (&& (== netstandard1.6) (== netcore1.0)) (== netcore1.0)
      System.Collections (>= 4.3) - restriction: || (&& (== net45) (>= netstandard1.3)) (== netstandard1.6) (== netcore1.0)
      System.Resources.ResourceManager (>= 4.3) - restriction: || (&& (== net45) (>= netstandard1.3)) (== netstandard1.6) (== netcore1.0)
      System.Runtime (>= 4.3) - restriction: || (&& (== net45) (>= netstandard1.3)) (== netstandard1.6) (== netcore1.0)
      System.Runtime.Extensions (>= 4.3) - restriction: || (&& (== net45) (>= netstandard1.3)) (== netstandard1.6) (== netcore1.0)
    System.ObjectModel (4.3) - restriction: || (&& (== net45) (== netstandard1.6)) (&& (== net45) (== netcore1.0)) (&& (== net45) (>= netstandard1.6)) (== netstandard1.6) (&& (== netstandard1.6) (== netcore1.0)) (== netcore1.0)
      System.Collections (>= 4.3) - restriction: || (&& (== net45) (>= dnxcore50)) (== netstandard1.6) (== netcore1.0)
      System.Diagnostics.Debug (>= 4.3) - restriction: || (&& (== net45) (>= dnxcore50)) (== netstandard1.6) (== netcore1.0)
      System.Resources.ResourceManager (>= 4.3) - restriction: || (&& (== net45) (>= dnxcore50)) (== netstandard1.6) (== netcore1.0)
      System.Runtime (>= 4.3) - restriction: || (&& (== net45) (>= dnxcore50)) (== netstandard1.6) (== netcore1.0)
      System.Threading (>= 4.3) - restriction: || (&& (== net45) (>= dnxcore50)) (== netstandard1.6) (== netcore1.0)
    System.Reflection (4.3)
      Microsoft.NETCore.Platforms (>= 1.1) - restriction: || (&& (== net45) (>= dnxcore50)) (== netstandard1.6) (== netcore1.0)
      Microsoft.NETCore.Targets (>= 1.1) - restriction: || (&& (== net45) (>= dnxcore50)) (== netstandard1.6) (== netcore1.0)
      System.IO (>= 4.3) - restriction: || (&& (== net45) (>= dnxcore50)) (== netstandard1.6) (== netcore1.0)
      System.Reflection.Primitives (>= 4.3) - restriction: || (&& (== net45) (>= dnxcore50)) (== netstandard1.6) (== netcore1.0)
      System.Runtime (>= 4.3) - restriction: || (&& (== net45) (>= dnxcore50)) (== netstandard1.6) (== netcore1.0)
    System.Reflection.Emit (4.3) - restriction: || (&& (== net45) (== netstandard1.6)) (&& (== net45) (== netcore1.0)) (&& (== net45) (>= netstandard1.6)) (== netstandard1.6) (&& (== netstandard1.6) (== netcore1.0)) (== netcore1.0)
      System.IO (>= 4.3) - restriction: || (== netstandard1.6) (== netcore1.0)
      System.Reflection (>= 4.3) - restriction: || (== netstandard1.6) (== netcore1.0)
      System.Reflection.Emit.ILGeneration (>= 4.3) - restriction: || (== netstandard1.6) (== netcore1.0)
      System.Reflection.Primitives (>= 4.3) - restriction: || (== netstandard1.6) (== netcore1.0)
      System.Runtime (>= 4.3) - restriction: || (== netstandard1.6) (== netcore1.0)
    System.Reflection.Emit.ILGeneration (4.3) - restriction: || (&& (== net45) (>= netstandard1.6)) (== netstandard1.6) (== netcore1.0)
      System.Reflection (>= 4.3) - restriction: || (== netstandard1.6) (== netcore1.0)
      System.Reflection.Primitives (>= 4.3) - restriction: || (== netstandard1.6) (== netcore1.0)
      System.Runtime (>= 4.3) - restriction: || (== netstandard1.6) (== netcore1.0)
    System.Reflection.Emit.Lightweight (4.3) - restriction: || (&& (== net45) (== netstandard1.6)) (&& (== net45) (== netcore1.0)) (&& (== net45) (>= netstandard1.6)) (== netstandard1.6) (&& (== netstandard1.6) (== netcore1.0)) (== netcore1.0)
      System.Reflection (>= 4.3) - restriction: || (== netstandard1.6) (== netcore1.0)
      System.Reflection.Emit.ILGeneration (>= 4.3) - restriction: || (== netstandard1.6) (== netcore1.0)
      System.Reflection.Primitives (>= 4.3) - restriction: || (== netstandard1.6) (== netcore1.0)
      System.Runtime (>= 4.3) - restriction: || (== netstandard1.6) (== netcore1.0)
    System.Reflection.Extensions (4.3) - restriction: || (&& (== net45) (>= netstandard1.6)) (== netstandard1.6) (== netcore1.0)
      Microsoft.NETCore.Platforms (>= 1.1) - restriction: || (&& (== net45) (>= dnxcore50)) (== netstandard1.6) (== netcore1.0)
      Microsoft.NETCore.Targets (>= 1.1) - restriction: || (&& (== net45) (>= dnxcore50)) (== netstandard1.6) (== netcore1.0)
      System.Reflection (>= 4.3) - restriction: || (&& (== net45) (>= dnxcore50)) (== netstandard1.6) (== netcore1.0)
      System.Runtime (>= 4.3) - restriction: || (&& (== net45) (>= dnxcore50)) (== netstandard1.6) (== netcore1.0)
    System.Reflection.Metadata (1.4.2)
      System.Collections (>= 4.3) - restriction: || (== netstandard1.6) (== netcore1.0)
      System.Collections.Immutable (>= 1.3.1)
      System.Diagnostics.Debug (>= 4.3) - restriction: || (== netstandard1.6) (== netcore1.0)
      System.IO (>= 4.3) - restriction: || (== netstandard1.6) (== netcore1.0)
      System.IO.Compression (>= 4.3) - restriction: || (== netstandard1.6) (== netcore1.0)
      System.Linq (>= 4.3) - restriction: || (== netstandard1.6) (== netcore1.0)
      System.Reflection (>= 4.3) - restriction: || (== netstandard1.6) (== netcore1.0)
      System.Reflection.Extensions (>= 4.3) - restriction: || (== netstandard1.6) (== netcore1.0)
      System.Reflection.Primitives (>= 4.3) - restriction: || (== netstandard1.6) (== netcore1.0)
      System.Resources.ResourceManager (>= 4.3) - restriction: || (== netstandard1.6) (== netcore1.0)
      System.Runtime (>= 4.3) - restriction: || (== netstandard1.6) (== netcore1.0)
      System.Runtime.Extensions (>= 4.3) - restriction: || (== netstandard1.6) (== netcore1.0)
      System.Runtime.InteropServices (>= 4.3) - restriction: || (== netstandard1.6) (== netcore1.0)
      System.Text.Encoding (>= 4.3) - restriction: || (== netstandard1.6) (== netcore1.0)
      System.Text.Encoding.Extensions (>= 4.3) - restriction: || (== netstandard1.6) (== netcore1.0)
      System.Threading (>= 4.3) - restriction: || (== netstandard1.6) (== netcore1.0)
    System.Reflection.Primitives (4.3)
      Microsoft.NETCore.Platforms (>= 1.1) - restriction: || (&& (== net45) (>= dnxcore50)) (== netstandard1.6) (== netcore1.0)
      Microsoft.NETCore.Targets (>= 1.1) - restriction: || (&& (== net45) (>= dnxcore50)) (== netstandard1.6) (== netcore1.0)
      System.Runtime (>= 4.3) - restriction: || (&& (== net45) (>= dnxcore50)) (== netstandard1.6) (== netcore1.0)
    System.Reflection.TypeExtensions (4.3) - restriction: || (&& (== net45) (== netstandard1.6)) (&& (== net45) (== netcore1.0)) (&& (== net45) (>= netstandard1.6)) (== netstandard1.6) (&& (== netstandard1.6) (== netcore1.0)) (== netcore1.0)
      System.Reflection (>= 4.3) - restriction: || (&& (== net45) (>= net462)) (&& (== net45) (>= dnxcore50)) (&& (== net45) (>= netstandard1.3)) (&& (== net45) (>= netstandard1.5)) (== netstandard1.6) (== netcore1.0)
      System.Runtime (>= 4.3) - restriction: || (&& (== net45) (>= dnxcore50)) (&& (== net45) (>= netstandard1.3)) (&& (== net45) (>= netstandard1.5)) (== netstandard1.6) (== netcore1.0)
    System.Resources.ResourceManager (4.3) - restriction: || (&& (== net45) (>= dnxcore50)) (&& (== net45) (>= netstandard1.6)) (== netstandard1.6) (== netcore1.0)
      Microsoft.NETCore.Platforms (>= 1.1) - restriction: || (&& (== net45) (>= dnxcore50)) (== netstandard1.6) (== netcore1.0)
      Microsoft.NETCore.Targets (>= 1.1) - restriction: || (&& (== net45) (>= dnxcore50)) (== netstandard1.6) (== netcore1.0)
      System.Globalization (>= 4.3) - restriction: || (&& (== net45) (>= dnxcore50)) (== netstandard1.6) (== netcore1.0)
      System.Reflection (>= 4.3) - restriction: || (&& (== net45) (>= dnxcore50)) (== netstandard1.6) (== netcore1.0)
      System.Runtime (>= 4.3) - restriction: || (&& (== net45) (>= dnxcore50)) (== netstandard1.6) (== netcore1.0)
    System.Runtime (4.3)
      Microsoft.NETCore.Platforms (>= 1.1) - restriction: || (&& (== net45) (>= dnxcore50)) (== netstandard1.6) (== netcore1.0)
      Microsoft.NETCore.Targets (>= 1.1) - restriction: || (&& (== net45) (>= dnxcore50)) (== netstandard1.6) (== netcore1.0)
    System.Runtime.Extensions (4.3)
      Microsoft.NETCore.Platforms (>= 1.1) - restriction: || (&& (== net45) (>= dnxcore50)) (== netstandard1.6) (== netcore1.0)
      Microsoft.NETCore.Targets (>= 1.1) - restriction: || (&& (== net45) (>= dnxcore50)) (== netstandard1.6) (== netcore1.0)
      System.Runtime (>= 4.3) - restriction: || (&& (== net45) (>= dnxcore50)) (== netstandard1.6) (== netcore1.0)
    System.Runtime.Handles (4.3) - restriction: || (&& (== net45) (>= dnxcore50)) (&& (== net45) (>= netstandard1.6)) (&& (== net45) (>= netcore1.1)) (== netstandard1.6) (== netcore1.0)
      Microsoft.NETCore.Platforms (>= 1.1) - restriction: || (&& (== net45) (>= netstandard1.3)) (== netstandard1.6) (== netcore1.0)
      Microsoft.NETCore.Targets (>= 1.1) - restriction: || (&& (== net45) (>= netstandard1.3)) (== netstandard1.6) (== netcore1.0)
      System.Runtime (>= 4.3) - restriction: || (&& (== net45) (>= netstandard1.3)) (== netstandard1.6) (== netcore1.0)
    System.Runtime.InteropServices (4.3)
      Microsoft.NETCore.Platforms (>= 1.1) - restriction: || (&& (== net45) (>= dnxcore50)) (&& (== net45) (>= netcore1.1)) (== netstandard1.6) (== netcore1.0)
      Microsoft.NETCore.Targets (>= 1.1) - restriction: || (&& (== net45) (>= dnxcore50)) (&& (== net45) (>= netcore1.1)) (== netstandard1.6) (== netcore1.0)
      System.Reflection (>= 4.3) - restriction: || (&& (== net45) (>= dnxcore50)) (&& (== net45) (>= netcore1.1)) (== netstandard1.6) (== netcore1.0)
      System.Reflection.Primitives (>= 4.3) - restriction: || (&& (== net45) (>= dnxcore50)) (&& (== net45) (>= netcore1.1)) (== netstandard1.6) (== netcore1.0)
      System.Runtime (>= 4.3) - restriction: || (&& (== net45) (>= net462)) (&& (== net45) (>= dnxcore50)) (&& (== net45) (>= netcore1.1)) (== netstandard1.6) (== netcore1.0)
      System.Runtime.Handles (>= 4.3) - restriction: || (&& (== net45) (>= dnxcore50)) (&& (== net45) (>= netcore1.1)) (== netstandard1.6) (== netcore1.0)
    System.Runtime.Numerics (4.3) - restriction: || (&& (== net45) (>= netstandard1.6)) (== netstandard1.6) (== netcore1.0)
      System.Globalization (>= 4.3) - restriction: || (&& (== net45) (>= dnxcore50)) (== netstandard1.6) (== netcore1.0)
      System.Resources.ResourceManager (>= 4.3) - restriction: || (&& (== net45) (>= dnxcore50)) (== netstandard1.6) (== netcore1.0)
      System.Runtime (>= 4.3) - restriction: || (&& (== net45) (>= dnxcore50)) (== netstandard1.6) (== netcore1.0)
      System.Runtime.Extensions (>= 4.3) - restriction: || (&& (== net45) (>= dnxcore50)) (== netstandard1.6) (== netcore1.0)
    System.Security.Cryptography.Algorithms (4.3) - restriction: || (&& (== net45) (== netstandard1.6)) (&& (== net45) (== netcore1.0)) (&& (== net45) (>= netstandard1.6)) (== netstandard1.6) (&& (== netstandard1.6) (== netcore1.0)) (== netcore1.0)
      Microsoft.NETCore.Platforms (>= 1.1) - restriction: || (&& (== net45) (>= dnxcore50)) (&& (== net45) (>= netstandard1.6)) (== netstandard1.6) (== netcore1.0)
      runtime.native.System.Security.Cryptography.Apple (>= 4.3) - restriction: || (&& (== net45) (>= netstandard1.6)) (== netstandard1.6) (== netcore1.0)
      runtime.native.System.Security.Cryptography.OpenSsl (>= 4.3) - restriction: || (&& (== net45) (>= netstandard1.6)) (== netstandard1.6) (== netcore1.0)
      System.Collections (>= 4.3) - restriction: || (&& (== net45) (>= netstandard1.6)) (== netstandard1.6) (== netcore1.0)
      System.IO (>= 4.3) - restriction: || (&& (== net45) (>= net463)) (&& (== net45) (>= dnxcore50)) (&& (== net45) (>= netstandard1.3)) (&& (== net45) (>= netstandard1.4)) (&& (== net45) (>= netstandard1.6)) (== netstandard1.6) (== netcore1.0)
      System.Resources.ResourceManager (>= 4.3) - restriction: || (&& (== net45) (>= dnxcore50)) (&& (== net45) (>= netstandard1.6)) (== netstandard1.6) (== netcore1.0)
      System.Runtime (>= 4.3) - restriction: || (&& (== net45) (>= net463)) (&& (== net45) (>= dnxcore50)) (&& (== net45) (>= netstandard1.3)) (&& (== net45) (>= netstandard1.4)) (&& (== net45) (>= netstandard1.6)) (== netstandard1.6) (== netcore1.0)
      System.Runtime.Extensions (>= 4.3) - restriction: || (&& (== net45) (>= dnxcore50)) (&& (== net45) (>= netstandard1.6)) (== netstandard1.6) (== netcore1.0)
      System.Runtime.Handles (>= 4.3) - restriction: || (&& (== net45) (>= dnxcore50)) (&& (== net45) (>= netstandard1.6)) (== netstandard1.6) (== netcore1.0)
      System.Runtime.InteropServices (>= 4.3) - restriction: || (&& (== net45) (>= dnxcore50)) (&& (== net45) (>= netstandard1.6)) (== netstandard1.6) (== netcore1.0)
      System.Runtime.Numerics (>= 4.3) - restriction: || (&& (== net45) (>= netstandard1.6)) (== netstandard1.6) (== netcore1.0)
      System.Security.Cryptography.Encoding (>= 4.3) - restriction: || (&& (== net45) (>= net463)) (&& (== net45) (>= dnxcore50)) (&& (== net45) (>= netstandard1.6)) (== netstandard1.6) (== netcore1.0)
      System.Security.Cryptography.Primitives (>= 4.3) - restriction: || (&& (== net45) (>= net46)) (&& (== net45) (>= net461)) (&& (== net45) (>= dnxcore50)) (&& (== net45) (>= netstandard1.3)) (&& (== net45) (>= netstandard1.4)) (&& (== net45) (>= netstandard1.6)) (== netstandard1.6) (== netcore1.0)
      System.Text.Encoding (>= 4.3) - restriction: || (&& (== net45) (>= dnxcore50)) (&& (== net45) (>= netstandard1.6)) (== netstandard1.6) (== netcore1.0)
    System.Security.Cryptography.Cng (4.3) - restriction: || (&& (== net45) (== netstandard1.6)) (&& (== net45) (== netcore1.0)) (&& (== net45) (>= netstandard1.6)) (== netstandard1.6) (&& (== netstandard1.6) (== netcore1.0)) (== netcore1.0)
      Microsoft.NETCore.Platforms (>= 1.1) - restriction: || (&& (== net45) (>= netstandard1.4)) (&& (== net45) (>= netstandard1.6)) (== netstandard1.6) (== netcore1.0)
      System.IO (>= 4.3) - restriction: || (&& (== net45) (>= netstandard1.3)) (&& (== net45) (>= netstandard1.4)) (&& (== net45) (>= netstandard1.6)) (== netstandard1.6) (== netcore1.0)
      System.Resources.ResourceManager (>= 4.3) - restriction: || (&& (== net45) (>= netstandard1.4)) (&& (== net45) (>= netstandard1.6)) (== netstandard1.6) (== netcore1.0)
      System.Runtime (>= 4.3) - restriction: || (&& (== net45) (>= netstandard1.3)) (&& (== net45) (>= netstandard1.4)) (&& (== net45) (>= netstandard1.6)) (== netstandard1.6) (== netcore1.0)
      System.Runtime.Extensions (>= 4.3) - restriction: || (&& (== net45) (>= netstandard1.4)) (&& (== net45) (>= netstandard1.6)) (== netstandard1.6) (== netcore1.0)
      System.Runtime.Handles (>= 4.3) - restriction: || (&& (== net45) (>= netstandard1.3)) (&& (== net45) (>= netstandard1.4)) (&& (== net45) (>= netstandard1.6)) (== netstandard1.6) (== netcore1.0)
      System.Runtime.InteropServices (>= 4.3) - restriction: || (&& (== net45) (>= netstandard1.4)) (&& (== net45) (>= netstandard1.6)) (== netstandard1.6) (== netcore1.0)
      System.Security.Cryptography.Algorithms (>= 4.3) - restriction: || (&& (== net45) (>= net46)) (&& (== net45) (>= net461)) (&& (== net45) (>= netstandard1.3)) (&& (== net45) (>= netstandard1.4)) (&& (== net45) (>= netstandard1.6)) (== netstandard1.6) (== netcore1.0)
      System.Security.Cryptography.Encoding (>= 4.3) - restriction: || (&& (== net45) (>= netstandard1.4)) (&& (== net45) (>= netstandard1.6)) (== netstandard1.6) (== netcore1.0)
      System.Security.Cryptography.Primitives (>= 4.3) - restriction: || (&& (== net45) (>= net46)) (&& (== net45) (>= net461)) (&& (== net45) (>= netstandard1.3)) (&& (== net45) (>= netstandard1.4)) (&& (== net45) (>= netstandard1.6)) (== netstandard1.6) (== netcore1.0)
      System.Text.Encoding (>= 4.3) - restriction: || (&& (== net45) (>= netstandard1.4)) (&& (== net45) (>= netstandard1.6)) (== netstandard1.6) (== netcore1.0)
    System.Security.Cryptography.Csp (4.3) - restriction: || (&& (== net45) (== netstandard1.6)) (&& (== net45) (== netcore1.0)) (&& (== net45) (>= netstandard1.6)) (== netstandard1.6) (&& (== netstandard1.6) (== netcore1.0)) (== netcore1.0)
      Microsoft.NETCore.Platforms (>= 1.1) - restriction: || (&& (== net45) (>= netstandard1.3)) (== netstandard1.6) (== netcore1.0)
      System.IO (>= 4.3) - restriction: || (&& (== net45) (>= netstandard1.3)) (== netstandard1.6) (== netcore1.0)
      System.Reflection (>= 4.3) - restriction: || (&& (== net45) (>= netstandard1.3)) (== netstandard1.6) (== netcore1.0)
      System.Resources.ResourceManager (>= 4.3) - restriction: || (&& (== net45) (>= netstandard1.3)) (== netstandard1.6) (== netcore1.0)
      System.Runtime (>= 4.3) - restriction: || (&& (== net45) (>= netstandard1.3)) (== netstandard1.6) (== netcore1.0)
      System.Runtime.Extensions (>= 4.3) - restriction: || (&& (== net45) (>= netstandard1.3)) (== netstandard1.6) (== netcore1.0)
      System.Runtime.Handles (>= 4.3) - restriction: || (&& (== net45) (>= netstandard1.3)) (== netstandard1.6) (== netcore1.0)
      System.Runtime.InteropServices (>= 4.3) - restriction: || (&& (== net45) (>= netstandard1.3)) (== netstandard1.6) (== netcore1.0)
      System.Security.Cryptography.Algorithms (>= 4.3) - restriction: || (&& (== net45) (>= net46)) (&& (== net45) (>= netstandard1.3)) (== netstandard1.6) (== netcore1.0)
      System.Security.Cryptography.Encoding (>= 4.3) - restriction: || (&& (== net45) (>= netstandard1.3)) (== netstandard1.6) (== netcore1.0)
      System.Security.Cryptography.Primitives (>= 4.3) - restriction: || (&& (== net45) (>= net46)) (&& (== net45) (>= netstandard1.3)) (== netstandard1.6) (== netcore1.0)
      System.Text.Encoding (>= 4.3) - restriction: || (&& (== net45) (>= netstandard1.3)) (== netstandard1.6) (== netcore1.0)
      System.Threading (>= 4.3) - restriction: || (&& (== net45) (>= netstandard1.3)) (== netstandard1.6) (== netcore1.0)
    System.Security.Cryptography.Encoding (4.3) - restriction: || (&& (== net45) (>= netstandard1.6)) (== netstandard1.6) (== netcore1.0)
      Microsoft.NETCore.Platforms (>= 1.1) - restriction: || (&& (== net45) (>= netstandard1.3)) (== netstandard1.6) (== netcore1.0)
      runtime.native.System.Security.Cryptography.OpenSsl (>= 4.3) - restriction: || (&& (== net45) (>= netstandard1.3)) (== netstandard1.6) (== netcore1.0)
      System.Collections (>= 4.3) - restriction: || (&& (== net45) (>= netstandard1.3)) (== netstandard1.6) (== netcore1.0)
      System.Collections.Concurrent (>= 4.3) - restriction: || (&& (== net45) (>= netstandard1.3)) (== netstandard1.6) (== netcore1.0)
      System.Linq (>= 4.3) - restriction: || (&& (== net45) (>= netstandard1.3)) (== netstandard1.6) (== netcore1.0)
      System.Resources.ResourceManager (>= 4.3) - restriction: || (&& (== net45) (>= netstandard1.3)) (== netstandard1.6) (== netcore1.0)
      System.Runtime (>= 4.3) - restriction: || (&& (== net45) (>= netstandard1.3)) (== netstandard1.6) (== netcore1.0)
      System.Runtime.Extensions (>= 4.3) - restriction: || (&& (== net45) (>= netstandard1.3)) (== netstandard1.6) (== netcore1.0)
      System.Runtime.Handles (>= 4.3) - restriction: || (&& (== net45) (>= netstandard1.3)) (== netstandard1.6) (== netcore1.0)
      System.Runtime.InteropServices (>= 4.3) - restriction: || (&& (== net45) (>= netstandard1.3)) (== netstandard1.6) (== netcore1.0)
      System.Security.Cryptography.Primitives (>= 4.3) - restriction: || (&& (== net45) (>= netstandard1.3)) (== netstandard1.6) (== netcore1.0)
      System.Text.Encoding (>= 4.3) - restriction: || (&& (== net45) (>= netstandard1.3)) (== netstandard1.6) (== netcore1.0)
    System.Security.Cryptography.OpenSsl (4.3) - restriction: || (&& (== net45) (== netstandard1.6)) (&& (== net45) (== netcore1.0)) (&& (== net45) (>= netstandard1.6)) (== netstandard1.6) (&& (== netstandard1.6) (== netcore1.0)) (== netcore1.0)
      runtime.native.System.Security.Cryptography.OpenSsl (>= 4.3) - restriction: || (&& (== net45) (>= net463)) (&& (== net45) (>= netstandard1.6)) (&& (== net45) (>= monoandroid)) (== netstandard1.6) (== netcore1.0)
      System.Collections (>= 4.3) - restriction: || (&& (== net45) (>= netstandard1.6)) (== netstandard1.6) (== netcore1.0)
      System.IO (>= 4.3) - restriction: || (&& (== net45) (>= net463)) (&& (== net45) (>= netstandard1.6)) (== netstandard1.6) (== netcore1.0)
      System.Resources.ResourceManager (>= 4.3) - restriction: || (&& (== net45) (>= netstandard1.6)) (== netstandard1.6) (== netcore1.0)
      System.Runtime (>= 4.3) - restriction: || (&& (== net45) (>= net463)) (&& (== net45) (>= netstandard1.6)) (== netstandard1.6) (== netcore1.0)
      System.Runtime.Extensions (>= 4.3) - restriction: || (&& (== net45) (>= net463)) (&& (== net45) (>= netstandard1.6)) (== netstandard1.6) (== netcore1.0)
      System.Runtime.Handles (>= 4.3) - restriction: || (&& (== net45) (>= netstandard1.6)) (== netstandard1.6) (== netcore1.0)
      System.Runtime.InteropServices (>= 4.3) - restriction: || (&& (== net45) (>= netstandard1.6)) (== netstandard1.6) (== netcore1.0)
      System.Runtime.Numerics (>= 4.3) - restriction: || (&& (== net45) (>= netstandard1.6)) (== netstandard1.6) (== netcore1.0)
      System.Security.Cryptography.Algorithms (>= 4.3) - restriction: || (&& (== net45) (>= net463)) (&& (== net45) (>= netstandard1.6)) (== netstandard1.6) (== netcore1.0)
      System.Security.Cryptography.Encoding (>= 4.3) - restriction: || (&& (== net45) (>= net463)) (&& (== net45) (>= netstandard1.6)) (== netstandard1.6) (== netcore1.0)
      System.Security.Cryptography.Primitives (>= 4.3) - restriction: || (&& (== net45) (>= net463)) (&& (== net45) (>= netstandard1.6)) (== netstandard1.6) (== netcore1.0)
      System.Text.Encoding (>= 4.3) - restriction: || (&& (== net45) (>= netstandard1.6)) (== netstandard1.6) (== netcore1.0)
    System.Security.Cryptography.Primitives (4.3) - restriction: || (&& (== net45) (>= netstandard1.6)) (== netstandard1.6) (== netcore1.0)
      System.Diagnostics.Debug (>= 4.3) - restriction: || (&& (== net45) (>= netstandard1.3)) (== netstandard1.6) (== netcore1.0)
      System.Globalization (>= 4.3) - restriction: || (&& (== net45) (>= netstandard1.3)) (== netstandard1.6) (== netcore1.0)
      System.IO (>= 4.3) - restriction: || (&& (== net45) (>= netstandard1.3)) (== netstandard1.6) (== netcore1.0)
      System.Resources.ResourceManager (>= 4.3) - restriction: || (&& (== net45) (>= netstandard1.3)) (== netstandard1.6) (== netcore1.0)
      System.Runtime (>= 4.3) - restriction: || (&& (== net45) (>= netstandard1.3)) (== netstandard1.6) (== netcore1.0)
      System.Threading (>= 4.3) - restriction: || (&& (== net45) (>= netstandard1.3)) (== netstandard1.6) (== netcore1.0)
      System.Threading.Tasks (>= 4.3) - restriction: || (&& (== net45) (>= netstandard1.3)) (== netstandard1.6) (== netcore1.0)
    System.Security.Cryptography.X509Certificates (4.3) - restriction: || (&& (== net45) (== netstandard1.6)) (&& (== net45) (== netcore1.0)) (&& (== net45) (>= netstandard1.6)) (== netstandard1.6) (&& (== netstandard1.6) (== netcore1.0)) (== netcore1.0)
      Microsoft.NETCore.Platforms (>= 1.1) - restriction: || (&& (== net45) (>= dnxcore50)) (&& (== net45) (>= netstandard1.6)) (== netstandard1.6) (== netcore1.0)
      runtime.native.System (>= 4.3) - restriction: || (&& (== net45) (>= netstandard1.6)) (== netstandard1.6) (== netcore1.0)
      runtime.native.System.Net.Http (>= 4.3) - restriction: || (&& (== net45) (>= netstandard1.6)) (== netstandard1.6) (== netcore1.0)
      runtime.native.System.Security.Cryptography.OpenSsl (>= 4.3) - restriction: || (&& (== net45) (>= netstandard1.6)) (== netstandard1.6) (== netcore1.0)
      System.Collections (>= 4.3) - restriction: || (&& (== net45) (>= dnxcore50)) (&& (== net45) (>= netstandard1.6)) (== netstandard1.6) (== netcore1.0)
      System.Diagnostics.Debug (>= 4.3) - restriction: || (&& (== net45) (>= netstandard1.6)) (== netstandard1.6) (== netcore1.0)
      System.Globalization (>= 4.3) - restriction: || (&& (== net45) (>= dnxcore50)) (&& (== net45) (>= netstandard1.6)) (== netstandard1.6) (== netcore1.0)
      System.Globalization.Calendars (>= 4.3) - restriction: || (&& (== net45) (>= dnxcore50)) (&& (== net45) (>= netstandard1.6)) (== netstandard1.6) (== netcore1.0)
      System.IO (>= 4.3) - restriction: || (&& (== net45) (>= dnxcore50)) (&& (== net45) (>= netstandard1.6)) (== netstandard1.6) (== netcore1.0)
      System.IO.FileSystem (>= 4.3) - restriction: || (&& (== net45) (>= dnxcore50)) (&& (== net45) (>= netstandard1.6)) (== netstandard1.6) (== netcore1.0)
      System.IO.FileSystem.Primitives (>= 4.3) - restriction: || (&& (== net45) (>= netstandard1.6)) (== netstandard1.6) (== netcore1.0)
      System.Resources.ResourceManager (>= 4.3) - restriction: || (&& (== net45) (>= dnxcore50)) (&& (== net45) (>= netstandard1.6)) (== netstandard1.6) (== netcore1.0)
      System.Runtime (>= 4.3) - restriction: || (&& (== net45) (>= dnxcore50)) (&& (== net45) (>= netstandard1.3)) (&& (== net45) (>= netstandard1.4)) (&& (== net45) (>= netstandard1.6)) (== netstandard1.6) (== netcore1.0)
      System.Runtime.Extensions (>= 4.3) - restriction: || (&& (== net45) (>= dnxcore50)) (&& (== net45) (>= netstandard1.6)) (== netstandard1.6) (== netcore1.0)
      System.Runtime.Handles (>= 4.3) - restriction: || (&& (== net45) (>= dnxcore50)) (&& (== net45) (>= netstandard1.3)) (&& (== net45) (>= netstandard1.4)) (&& (== net45) (>= netstandard1.6)) (== netstandard1.6) (== netcore1.0)
      System.Runtime.InteropServices (>= 4.3) - restriction: || (&& (== net45) (>= dnxcore50)) (&& (== net45) (>= netstandard1.6)) (== netstandard1.6) (== netcore1.0)
      System.Runtime.Numerics (>= 4.3) - restriction: || (&& (== net45) (>= dnxcore50)) (&& (== net45) (>= netstandard1.6)) (== netstandard1.6) (== netcore1.0)
      System.Security.Cryptography.Algorithms (>= 4.3) - restriction: || (&& (== net45) (>= net46)) (&& (== net45) (>= net461)) (&& (== net45) (>= dnxcore50)) (&& (== net45) (>= netstandard1.3)) (&& (== net45) (>= netstandard1.4)) (&& (== net45) (>= netstandard1.6)) (== netstandard1.6) (== netcore1.0)
      System.Security.Cryptography.Cng (>= 4.3) - restriction: || (&& (== net45) (>= dnxcore50)) (&& (== net45) (>= netstandard1.6)) (== netstandard1.6) (== netcore1.0)
      System.Security.Cryptography.Csp (>= 4.3) - restriction: || (&& (== net45) (>= netstandard1.6)) (== netstandard1.6) (== netcore1.0)
      System.Security.Cryptography.Encoding (>= 4.3) - restriction: || (&& (== net45) (>= net46)) (&& (== net45) (>= net461)) (&& (== net45) (>= dnxcore50)) (&& (== net45) (>= netstandard1.3)) (&& (== net45) (>= netstandard1.4)) (&& (== net45) (>= netstandard1.6)) (== netstandard1.6) (== netcore1.0)
      System.Security.Cryptography.OpenSsl (>= 4.3) - restriction: || (&& (== net45) (>= netstandard1.6)) (== netstandard1.6) (== netcore1.0)
      System.Security.Cryptography.Primitives (>= 4.3) - restriction: || (&& (== net45) (>= dnxcore50)) (&& (== net45) (>= netstandard1.6)) (== netstandard1.6) (== netcore1.0)
      System.Text.Encoding (>= 4.3) - restriction: || (&& (== net45) (>= dnxcore50)) (&& (== net45) (>= netstandard1.6)) (== netstandard1.6) (== netcore1.0)
      System.Threading (>= 4.3) - restriction: || (&& (== net45) (>= dnxcore50)) (&& (== net45) (>= netstandard1.6)) (== netstandard1.6) (== netcore1.0)
    System.Text.Encoding (4.3)
      Microsoft.NETCore.Platforms (>= 1.1) - restriction: || (&& (== net45) (>= dnxcore50)) (== netstandard1.6) (== netcore1.0)
      Microsoft.NETCore.Targets (>= 1.1) - restriction: || (&& (== net45) (>= dnxcore50)) (== netstandard1.6) (== netcore1.0)
      System.Runtime (>= 4.3) - restriction: || (&& (== net45) (>= dnxcore50)) (== netstandard1.6) (== netcore1.0)
    System.Text.Encoding.Extensions (4.3) - restriction: || (&& (== net45) (== netstandard1.6)) (&& (== net45) (== netcore1.0)) (== netstandard1.6) (&& (== netstandard1.6) (== netcore1.0)) (== netcore1.0)
      Microsoft.NETCore.Platforms (>= 1.1) - restriction: || (&& (== net45) (>= dnxcore50)) (== netstandard1.6) (== netcore1.0)
      Microsoft.NETCore.Targets (>= 1.1) - restriction: || (&& (== net45) (>= dnxcore50)) (== netstandard1.6) (== netcore1.0)
      System.Runtime (>= 4.3) - restriction: || (&& (== net45) (>= dnxcore50)) (== netstandard1.6) (== netcore1.0)
      System.Text.Encoding (>= 4.3) - restriction: || (&& (== net45) (>= dnxcore50)) (== netstandard1.6) (== netcore1.0)
    System.Text.RegularExpressions (4.3) - restriction: || (&& (== net45) (== netstandard1.6)) (&& (== net45) (== netcore1.0)) (&& (== net45) (>= netstandard1.6)) (== netstandard1.6) (&& (== netstandard1.6) (== netcore1.0)) (== netcore1.0)
      System.Collections (>= 4.3) - restriction: || (&& (== net45) (>= dnxcore50)) (&& (== net45) (>= netstandard1.6)) (== netstandard1.6) (== netcore1.0)
      System.Globalization (>= 4.3) - restriction: || (&& (== net45) (>= dnxcore50)) (&& (== net45) (>= netstandard1.6)) (== netstandard1.6) (== netcore1.0)
      System.Resources.ResourceManager (>= 4.3) - restriction: || (&& (== net45) (>= dnxcore50)) (&& (== net45) (>= netstandard1.6)) (== netstandard1.6) (== netcore1.0)
      System.Runtime (>= 4.3) - restriction: || (&& (== net45) (>= dnxcore50)) (&& (== net45) (>= netstandard1.6)) (&& (== net45) (>= netcore1.1)) (== netstandard1.6) (== netcore1.0)
      System.Runtime.Extensions (>= 4.3) - restriction: || (&& (== net45) (>= dnxcore50)) (&& (== net45) (>= netstandard1.6)) (== netstandard1.6) (== netcore1.0)
      System.Threading (>= 4.3) - restriction: || (&& (== net45) (>= dnxcore50)) (&& (== net45) (>= netstandard1.6)) (== netstandard1.6) (== netcore1.0)
    System.Threading (4.3)
      System.Runtime (>= 4.3) - restriction: || (&& (== net45) (>= dnxcore50)) (== netstandard1.6) (== netcore1.0)
      System.Threading.Tasks (>= 4.3) - restriction: || (&& (== net45) (>= dnxcore50)) (== netstandard1.6) (== netcore1.0)
    System.Threading.Tasks (4.3) - restriction: || (&& (== net45) (>= dnxcore50)) (&& (== net45) (>= netstandard1.6)) (== netstandard1.6) (== netcore1.0)
      Microsoft.NETCore.Platforms (>= 1.1) - restriction: || (&& (== net45) (>= dnxcore50)) (== netstandard1.6) (== netcore1.0)
      Microsoft.NETCore.Targets (>= 1.1) - restriction: || (&& (== net45) (>= dnxcore50)) (== netstandard1.6) (== netcore1.0)
      System.Runtime (>= 4.3) - restriction: || (&& (== net45) (>= dnxcore50)) (== netstandard1.6) (== netcore1.0)
    System.Threading.Tasks.Parallel (4.3) - restriction: || (&& (== net45) (== netstandard1.6)) (&& (== net45) (== netcore1.0)) (&& (== net45) (>= netstandard1.6)) (== netstandard1.6) (&& (== netstandard1.6) (== netcore1.0)) (== netcore1.0)
      System.Collections.Concurrent (>= 4.3) - restriction: || (&& (== net45) (>= dnxcore50)) (== netstandard1.6) (== netcore1.0)
      System.Diagnostics.Debug (>= 4.3) - restriction: || (&& (== net45) (>= dnxcore50)) (== netstandard1.6) (== netcore1.0)
      System.Diagnostics.Tracing (>= 4.3) - restriction: || (&& (== net45) (>= dnxcore50)) (== netstandard1.6) (== netcore1.0)
      System.Resources.ResourceManager (>= 4.3) - restriction: || (&& (== net45) (>= dnxcore50)) (== netstandard1.6) (== netcore1.0)
      System.Runtime (>= 4.3) - restriction: || (&& (== net45) (>= dnxcore50)) (== netstandard1.6) (== netcore1.0)
      System.Runtime.Extensions (>= 4.3) - restriction: || (&& (== net45) (>= dnxcore50)) (== netstandard1.6) (== netcore1.0)
      System.Threading (>= 4.3) - restriction: || (&& (== net45) (>= dnxcore50)) (== netstandard1.6) (== netcore1.0)
      System.Threading.Tasks (>= 4.3) - restriction: || (&& (== net45) (>= dnxcore50)) (== netstandard1.6) (== netcore1.0)
    System.Threading.Thread (4.3) - restriction: || (&& (== net45) (== netstandard1.6)) (&& (== net45) (== netcore1.0)) (&& (== net45) (>= netstandard1.6)) (== netstandard1.6) (&& (== netstandard1.6) (== netcore1.0)) (== netcore1.0)
      System.Runtime (>= 4.3) - restriction: || (&& (== net45) (>= netstandard1.3)) (== netstandard1.6) (== netcore1.0)
    System.Threading.ThreadPool (4.3) - restriction: || (&& (== net45) (== netstandard1.6)) (&& (== net45) (== netcore1.0)) (&& (== net45) (>= netstandard1.6)) (== netstandard1.6) (&& (== netstandard1.6) (== netcore1.0)) (== netcore1.0)
      System.Runtime (>= 4.3) - restriction: || (&& (== net45) (>= netstandard1.3)) (== netstandard1.6) (== netcore1.0)
      System.Runtime.Handles (>= 4.3) - restriction: || (&& (== net45) (>= netstandard1.3)) (== netstandard1.6) (== netcore1.0)
    System.Threading.Timer (4.3) - restriction: || (&& (== net45) (== netstandard1.6)) (&& (== net45) (== netcore1.0)) (&& (== net45) (>= netstandard1.6)) (== netstandard1.6) (&& (== netstandard1.6) (== netcore1.0)) (== netcore1.0)
      Microsoft.NETCore.Platforms (>= 1.1) - restriction: || (&& (== net45) (>= dnxcore50)) (&& (== net45) (>= netstandard1.2)) (== netstandard1.6) (== netcore1.0)
      Microsoft.NETCore.Targets (>= 1.1) - restriction: || (&& (== net45) (>= dnxcore50)) (&& (== net45) (>= netstandard1.2)) (== netstandard1.6) (== netcore1.0)
      System.Runtime (>= 4.3) - restriction: || (&& (== net45) (>= dnxcore50)) (&& (== net45) (>= netstandard1.2)) (== netstandard1.6) (== netcore1.0)
    System.ValueTuple (4.3.1)
      System.Collections (>= 4.3) - restriction: || (== netstandard1.6) (== netcore1.0)
      System.Resources.ResourceManager (>= 4.3) - restriction: || (== netstandard1.6) (== netcore1.0)
      System.Runtime (>= 4.3) - restriction: || (== netstandard1.6) (== netcore1.0)
GITHUB
  remote: fsharp/FAKE
    modules/Octokit/Octokit.fsx (15e1b741f4ae9fbaad640a65231dfcec28ce6ddd)
      Octokit (>= 0.20)