FRAMEWORK: NET45, NETSTANDARD16, NETCORE10
NUGET
  remote: https://www.nuget.org/api/v2
    FAKE (4.59)
    FSharp.Compiler.Service (2.0.0.6)
    FSharp.Compiler.Tools (4.1.5)
    FSharp.Core (4.0.0.1)
    FSharp.Formatting (2.14.4)
      FSharp.Compiler.Service (2.0.0.6)
      FSharpVSPowerTools.Core (>= 2.3 < 2.4)
    FSharpVSPowerTools.Core (2.3)
      FSharp.Compiler.Service (>= 2.0.0.3)
    FsLexYacc (7.0.5)
      FsLexYacc.Runtime (>= 7.0.5 < 7.1)
    FsLexYacc.Runtime (7.0.5)
      FSharp.Core (>= 3.1.2.5)
    Microsoft.DiaSymReader (1.1)
      System.Diagnostics.Debug (>= 4.0.11) - framework: net45, netstandard16
      System.Runtime (>= 4.1) - framework: net45, netstandard16
      System.Runtime.InteropServices (>= 4.1) - framework: net45, netstandard16
    Microsoft.DiaSymReader.PortablePdb (1.2)
      Microsoft.DiaSymReader (>= 1.1) - framework: net45, netstandard16
      System.Collections (>= 4.3) - framework: net45, netstandard16
      System.Collections.Immutable (>= 1.3.1) - framework: net45, netstandard16
      System.Diagnostics.Debug (>= 4.3) - framework: net45, netstandard16
      System.Globalization (>= 4.3) - framework: net45, netstandard16
      System.IO (>= 4.3) - framework: net45, netstandard16
      System.Linq (>= 4.3) - framework: net45, netstandard16
      System.Reflection (>= 4.3) - framework: net45, netstandard16
      System.Reflection.Metadata (>= 1.4.2) - framework: net45, netstandard16
      System.Reflection.Primitives (>= 4.3) - framework: net45, netstandard16
      System.Runtime (>= 4.3) - framework: net45, netstandard16
      System.Runtime.Extensions (>= 4.3) - framework: net45, netstandard16
      System.Runtime.InteropServices (>= 4.3) - framework: net45, netstandard16
      System.Text.Encoding (>= 4.3) - framework: net45, netstandard16
      System.Threading (>= 4.3) - framework: net45, netstandard16
    Microsoft.NETCore.Platforms (1.1)
    Microsoft.NETCore.Targets (1.1)
    NUnit (2.6.3)
    NUnit.Runners (2.6.3)
    Octokit (0.24)
    runtime.native.System (4.3) - framework: net45, netstandard16
      Microsoft.NETCore.Platforms (>= 1.1)
      Microsoft.NETCore.Targets (>= 1.1)
    runtime.native.System.IO.Compression (4.3) - framework: net45, netstandard16
      Microsoft.NETCore.Platforms (>= 1.1)
      Microsoft.NETCore.Targets (>= 1.1)
    SourceLink.Fake (1.1)
    SQLite.Net-PCL (3.0.5)
    SQLite.Net.Platform.Generic (2.4.1)
      SQLite.Net-PCL
    System.Buffers (4.3) - framework: net45, netstandard16
      System.Diagnostics.Debug (>= 4.3) - framework: netstandard16
      System.Diagnostics.Tracing (>= 4.3) - framework: netstandard16
      System.Resources.ResourceManager (>= 4.3) - framework: netstandard16
      System.Runtime (>= 4.3) - framework: netstandard16
      System.Threading (>= 4.3) - framework: netstandard16
    System.Collections (4.3)
      Microsoft.NETCore.Platforms (>= 1.1) - framework: netstandard16
      Microsoft.NETCore.Targets (>= 1.1) - framework: netstandard16
      System.Runtime (>= 4.3) - framework: netstandard16
    System.Collections.Immutable (1.3.1)
      System.Collections (>= 4.3) - framework: netstandard16
      System.Diagnostics.Debug (>= 4.3) - framework: netstandard16
      System.Globalization (>= 4.3) - framework: netstandard16
      System.Linq (>= 4.3) - framework: netstandard16
      System.Resources.ResourceManager (>= 4.3) - framework: netstandard16
      System.Runtime (>= 4.3) - framework: netstandard16
      System.Runtime.Extensions (>= 4.3) - framework: netstandard16
      System.Threading (>= 4.3) - framework: netstandard16
    System.Diagnostics.Debug (4.3)
      Microsoft.NETCore.Platforms (>= 1.1) - framework: netstandard16
      Microsoft.NETCore.Targets (>= 1.1) - framework: netstandard16
      System.Runtime (>= 4.3) - framework: netstandard16
    System.Diagnostics.Tracing (4.3) - framework: net45, netstandard16
      Microsoft.NETCore.Platforms (>= 1.1) - framework: netstandard16
      Microsoft.NETCore.Targets (>= 1.1) - framework: netstandard16
      System.Runtime (>= 4.3) - framework: netstandard16
    System.Globalization (4.3)
      Microsoft.NETCore.Platforms (>= 1.1) - framework: netstandard16
      Microsoft.NETCore.Targets (>= 1.1) - framework: netstandard16
      System.Runtime (>= 4.3) - framework: netstandard16
    System.IO (4.3)
      Microsoft.NETCore.Platforms (>= 1.1) - framework: netstandard16
      Microsoft.NETCore.Targets (>= 1.1) - framework: netstandard16
      System.Runtime (>= 4.3) - framework: netstandard16
      System.Text.Encoding (>= 4.3) - framework: netstandard16
      System.Threading.Tasks (>= 4.3) - framework: netstandard16
    System.IO.Compression (4.3) - framework: net45, netstandard16
      Microsoft.NETCore.Platforms (>= 1.1) - framework: netstandard16
      runtime.native.System (>= 4.3) - framework: netstandard16
      runtime.native.System.IO.Compression (>= 4.3) - framework: netstandard16
      System.Buffers (>= 4.3) - framework: netstandard16
      System.Collections (>= 4.3) - framework: netstandard16
      System.Diagnostics.Debug (>= 4.3) - framework: netstandard16
      System.IO (>= 4.3) - framework: netstandard16
      System.Resources.ResourceManager (>= 4.3) - framework: netstandard16
      System.Runtime (>= 4.3) - framework: netstandard16
      System.Runtime.Extensions (>= 4.3) - framework: netstandard16
      System.Runtime.Handles (>= 4.3) - framework: netstandard16
      System.Runtime.InteropServices (>= 4.3) - framework: netstandard16
      System.Text.Encoding (>= 4.3) - framework: netstandard16
      System.Threading (>= 4.3) - framework: netstandard16
      System.Threading.Tasks (>= 4.3) - framework: netstandard16
    System.Linq (4.3)
      System.Collections (>= 4.3) - framework: netstandard16
      System.Diagnostics.Debug (>= 4.3) - framework: netstandard16
      System.Resources.ResourceManager (>= 4.3) - framework: netstandard16
      System.Runtime (>= 4.3) - framework: netstandard16
      System.Runtime.Extensions (>= 4.3) - framework: netstandard16
    System.Reflection (4.3)
      Microsoft.NETCore.Platforms (>= 1.1) - framework: netstandard16
      Microsoft.NETCore.Targets (>= 1.1) - framework: netstandard16
      System.IO (>= 4.3) - framework: netstandard16
      System.Reflection.Primitives (>= 4.3) - framework: netstandard16
      System.Runtime (>= 4.3) - framework: netstandard16
    System.Reflection.Extensions (4.3) - framework: net45, netstandard16
      Microsoft.NETCore.Platforms (>= 1.1) - framework: netstandard16
      Microsoft.NETCore.Targets (>= 1.1) - framework: netstandard16
      System.Reflection (>= 4.3) - framework: netstandard16
      System.Runtime (>= 4.3) - framework: netstandard16
    System.Reflection.Metadata (1.4.2)
      System.Collections (>= 4.3) - framework: netstandard16
      System.Collections.Immutable (>= 1.3.1) - framework: net45, netstandard16
      System.Diagnostics.Debug (>= 4.3) - framework: netstandard16
      System.IO (>= 4.3) - framework: netstandard16
      System.IO.Compression (>= 4.3) - framework: netstandard16
      System.Linq (>= 4.3) - framework: netstandard16
      System.Reflection (>= 4.3) - framework: netstandard16
      System.Reflection.Extensions (>= 4.3) - framework: netstandard16
      System.Reflection.Primitives (>= 4.3) - framework: netstandard16
      System.Resources.ResourceManager (>= 4.3) - framework: netstandard16
      System.Runtime (>= 4.3) - framework: netstandard16
      System.Runtime.Extensions (>= 4.3) - framework: netstandard16
      System.Runtime.InteropServices (>= 4.3) - framework: netstandard16
      System.Text.Encoding (>= 4.3) - framework: netstandard16
      System.Text.Encoding.Extensions (>= 4.3) - framework: netstandard16
      System.Threading (>= 4.3) - framework: netstandard16
    System.Reflection.Primitives (4.3)
      Microsoft.NETCore.Platforms (>= 1.1) - framework: netstandard16
      Microsoft.NETCore.Targets (>= 1.1) - framework: netstandard16
      System.Runtime (>= 4.3) - framework: netstandard16
    System.Resources.ResourceManager (4.3)
      Microsoft.NETCore.Platforms (>= 1.1) - framework: netstandard16
      Microsoft.NETCore.Targets (>= 1.1) - framework: netstandard16
      System.Globalization (>= 4.3) - framework: netstandard16
      System.Reflection (>= 4.3) - framework: netstandard16
      System.Runtime (>= 4.3) - framework: netstandard16
    System.Runtime (4.3)
      Microsoft.NETCore.Platforms (>= 1.1) - framework: netstandard16
      Microsoft.NETCore.Targets (>= 1.1) - framework: netstandard16
    System.Runtime.Extensions (4.3)
      Microsoft.NETCore.Platforms (>= 1.1) - framework: netstandard16
      Microsoft.NETCore.Targets (>= 1.1) - framework: netstandard16
      System.Runtime (>= 4.3) - framework: netstandard16
    System.Runtime.Handles (4.3)
      Microsoft.NETCore.Platforms (>= 1.1) - framework: netstandard16
      Microsoft.NETCore.Targets (>= 1.1) - framework: netstandard16
      System.Runtime (>= 4.3) - framework: netstandard16
    System.Runtime.InteropServices (4.3)
      Microsoft.NETCore.Platforms (>= 1.1) - framework: netstandard16
      Microsoft.NETCore.Targets (>= 1.1) - framework: netstandard16
      System.Reflection (>= 4.3) - framework: netstandard16
      System.Reflection.Primitives (>= 4.3) - framework: netstandard16
      System.Runtime (>= 4.3) - framework: net45, >= net462, netstandard16
      System.Runtime.Handles (>= 4.3) - framework: netstandard16
    System.Text.Encoding (4.3)
      Microsoft.NETCore.Platforms (>= 1.1) - framework: netstandard16
      Microsoft.NETCore.Targets (>= 1.1) - framework: netstandard16
      System.Runtime (>= 4.3) - framework: netstandard16
    System.Text.Encoding.Extensions (4.3) - framework: net45, netstandard16
      Microsoft.NETCore.Platforms (>= 1.1) - framework: netstandard16
      Microsoft.NETCore.Targets (>= 1.1) - framework: netstandard16
      System.Runtime (>= 4.3) - framework: netstandard16
      System.Text.Encoding (>= 4.3) - framework: netstandard16
    System.Threading (4.3)
      System.Runtime (>= 4.3) - framework: netstandard16
      System.Threading.Tasks (>= 4.3) - framework: netstandard16
    System.Threading.Tasks (4.3)
      Microsoft.NETCore.Platforms (>= 1.1) - framework: netstandard16
      Microsoft.NETCore.Targets (>= 1.1) - framework: netstandard16
      System.Runtime (>= 4.3) - framework: netstandard16
    System.ValueTuple (4.3)
      System.Collections (>= 4.3) - framework: netstandard16
      System.Resources.ResourceManager (>= 4.3) - framework: netstandard16
      System.Runtime (>= 4.3) - framework: netstandard16
GITHUB
  remote: fsharp/FAKE
    modules/Octokit/Octokit.fsx (b865703d2b8e6b5530403f4140e3272aab55ed9b)
      Octokit (>= 0.20)